PATH
  remote: .
  specs:
    nrsgateway (0.0.1)
      global_phone (~> 1.0.1)

GEM
  remote: http://rubygems.org/
  remote: http://gemcutter.org/
  specs:
    global_phone (1.0.1)
    json (1.8.3)
    rake (0.8.7)
    rspec (1.3.1)

PLATFORMS
  ruby

DEPENDENCIES
  json
  nrsgateway!
  rake (~> 0.8.7)
  rspec (= 1.3.1)
